GEM
  remote: https://rubygems.org/
  specs:
    coderay (1.1.3)
    docile (1.3.2)
    method_source (1.0.0)
    minitest (5.14.1)
    pry (0.13.1)
      coderay (~> 1.1)
      method_source (~> 1.0)
    simplecov (0.18.5)
      docile (~> 1.1)
      simplecov-html (~> 0.11)
    simplecov-html (0.12.2)

PLATFORMS
  ruby

DEPENDENCIES
  minitest
  pry
  simplecov

BUNDLED WITH
   2.1.4
